GEM
  specs:
    mac_bacon (1.3)

PLATFORMS
  ruby

DEPENDENCIES
  mac_bacon
